GEM
  remote: http://rubygems.org/
  remote: http://gems.github.com/
  specs:
    GeoRuby (1.3.4)
    RedCloth (4.2.5)
    Saikuro (1.1.0)
    ZenTest (4.4.2)
    abstract (1.0.0)
    actionmailer (2.3.10)
      actionpack (= 2.3.10)
    actionpack (2.3.10)
      activesupport (= 2.3.10)
      rack (~> 1.1.0)
    activerecord (2.3.10)
      activesupport (= 2.3.10)
    activeresource (2.3.10)
      activesupport (= 2.3.10)
    activesupport (2.3.10)
    ansi (1.2.2)
    arrayfields (4.7.4)
    async-rack (0.5.1)
      rack (~> 1.1)
    awesome_print (0.3.2)
    backports (1.18.2)
    big_band (0.5.0)
      async-rack (~> 0.5.0)
      haml-more (~> 0.5.0)
      monkey-lib (~> 0.5.0)
      rack-flash (>= 0.1.1)
      sinatra-advanced-routes (~> 0.5.0)
      sinatra-compass (~> 0.5.0)
      sinatra-config-file (~> 0.5.0)
      sinatra-default_charset (>= 0.2.0)
      sinatra-extension (~> 0.5.0)
      sinatra-more-server (~> 0.5.0)
      sinatra-namespace (~> 0.5.0)
      sinatra-reloader (~> 0.5.0)
      sinatra-sugar (~> 0.5.0)
      sinatra-test-helper (~> 0.5.0)
      yard-sinatra (~> 0.5.0)
    bluecloth (2.0.10)
    builder (3.0.0)
    chronic (0.2.3)
      hoe (>= 1.2.1)
    churn (0.0.13)
      chronic (>= 0.2.3)
      hirb
      json_pure
      main
      ruby_parser (~> 2.0.4)
      sexp_processor (~> 3.0.3)
    colored (1.2)
    columnize (0.3.2)
    compass (0.10.6)
      haml (>= 3.0.4)
    composite_primary_keys (2.3.5.1)
      activerecord (>= 2.3.5)
    configatron (2.6.4)
      yamler (>= 0.1.0)
    configuration (1.2.0)
    crummy (0.1.0)
    daemons (1.1.0)
    diff-lcs (1.1.2)
    dnote (1.4.0)
    erubis (2.6.6)
      abstract (>= 1.0.0)
    eventmachine (0.12.10)
    extlib (0.9.15)
    facets (2.9.0)
    faster_xml_simple (0.5.0)
      libxml-ruby (>= 0.3.8.4)
    fattr (2.2.0)
    flay (1.4.1)
      ruby_parser (~> 2.0)
      sexp_processor (~> 3.0)
    flog (2.5.0)
      ruby_parser (~> 2.0)
      sexp_processor (~> 3.0)
    formtastic (0.9.8)
      actionpack (>= 2.3.0)
      activesupport (>= 2.3.0)
    geokit (1.5.0)
    git (1.2.5)
    guessmethod (0.2.1)
      rake (>= 0.7)
    haml (3.0.25)
    haml-more (0.5.1)
      haml (>= 2.2.20)
      monkey-lib (~> 0.5.2)
    highline (1.6.1)
    hirb (0.3.6)
    hoe (2.9.1)
      rake (>= 0.8.7)
    i18n (0.5.0)
    iniparse (1.1.4)
    jeweler (1.5.2)
      bundler (~> 1.0.0)
      git (>= 1.2.5)
      rake
    json_pure (1.5.1)
    libxml-ruby (1.1.4)
    looksee (0.2.1)
    macaddr (1.0.0)
    main (4.4.0)
      arrayfields (>= 4.7.4)
      fattr (>= 2.1.0)
    memcache-client (1.8.5)
    metric_fu (2.0.1)
      Saikuro (>= 1.1.0)
      activesupport (>= 2.0.0)
      chronic (~> 0.2.3)
      churn (>= 0.0.7)
      flay (>= 1.2.1)
      flog (>= 2.2.0)
      rails_best_practices (>= 0.3.16)
      rcov (>= 0.8.3.3)
      reek (>= 1.2.6)
      roodi (>= 2.1.0)
    mime-types (1.16)
    monkey-lib (0.5.4)
      backports
    mysql (2.8.1)
    net-scp (1.0.4)
      net-ssh (>= 1.99.1)
    net-sftp (2.0.5)
      net-ssh (>= 2.0.9)
    net-ssh (2.1.0)
    net-ssh-gateway (1.0.1)
      net-ssh (>= 1.99.1)
    net-ssh-multi (1.0.1)
      net-ssh (>= 1.99.2)
      net-ssh-gateway (>= 0.99.0)
    net-ssh-telnet (0.0.2)
      net-ssh (>= 2.0.1)
    notify (0.3.0)
    open4 (0.9.6)
    quality_extensions (1.1.6)
    rack (1.1.0)
    rack-flash (0.1.1)
      rack
    rack-test (0.5.7)
      rack (>= 1.0)
    rails (2.3.10)
      actionmailer (= 2.3.10)
      actionpack (= 2.3.10)
      activerecord (= 2.3.10)
      activeresource (= 2.3.10)
      activesupport (= 2.3.10)
      rake (>= 0.8.3)
    rails_best_practices (0.6.6)
      activesupport
      colored (~> 1.2)
      erubis (~> 2.6.6)
      haml (~> 3.0.18)
      i18n
      ruby-progressbar (~> 0.0.9)
      ruby_parser (~> 2.0.4)
    rake (0.8.7)
    rake-remote_task (2.0.2)
      open4 (~> 0.9.0)
      rake (~> 0.8.0)
    rcov (0.9.9)
    reek (1.2.8)
      ruby2ruby (~> 1.2)
      ruby_parser (~> 2.0)
      sexp_processor (~> 3.0)
    require_all (1.2.0)
    rest-client (1.6.1)
      mime-types (>= 1.16)
    roodi (2.1.0)
      ruby_parser
    rspec (2.1.0)
      rspec-core (~> 2.1.0)
      rspec-expectations (~> 2.1.0)
      rspec-mocks (~> 2.1.0)
    rspec-core (2.1.0)
    rspec-expectations (2.1.0)
      diff-lcs (~> 1.1.2)
    rspec-mocks (2.1.0)
    rspec-rails (2.1.0)
      rspec (~> 2.1.0)
    rubigen (1.5.2)
      activesupport (>= 2.2.2)
    ruby-progressbar (0.0.9)
    ruby2ruby (1.2.5)
      ruby_parser (~> 2.0)
      sexp_processor (~> 3.0)
    ruby_parser (2.0.5)
      sexp_processor (~> 3.0)
    rubyzip (0.9.4)
    sexp_processor (3.0.5)
    shoulda (2.11.3)
    sinatra (1.1.2)
      rack (~> 1.1)
      tilt (~> 1.2)
    sinatra-advanced-routes (0.5.1)
      monkey-lib (~> 0.5.0)
      sinatra (~> 1.0)
      sinatra-sugar (~> 0.5.0)
    sinatra-compass (0.5.0)
      compass (>= 0.8.17)
      haml-more (~> 0.5.0)
      monkey-lib (~> 0.5.0)
      sinatra (~> 1.0)
      sinatra-sugar (~> 0.5.0)
    sinatra-config-file (0.5.0)
      sinatra (~> 1.0)
      sinatra-sugar (~> 0.5.0)
    sinatra-default_charset (0.2.0)
      sinatra (>= 1.0)
    sinatra-extension (0.5.0)
      monkey-lib (~> 0.5.0)
      sinatra (~> 1.0)
      sinatra-sugar (~> 0.5.0)
    sinatra-gen (0.4.1)
      rack-test (>= 0.4.1)
      rubigen (= 1.5.2)
      sinatra (>= 0.9.4)
    sinatra-more-server (0.5.0)
      sinatra (~> 1.0)
    sinatra-namespace (0.5.1)
      monkey-lib (~> 0.5.2)
      sinatra (~> 1.0)
      sinatra-sugar (~> 0.5.0)
    sinatra-reloader (0.5.0)
      sinatra (~> 1.0)
      sinatra-advanced-routes (~> 0.5.0)
    sinatra-sugar (0.5.0)
      monkey-lib (~> 0.5.0)
      sinatra (~> 1.0)
    sinatra-test-helper (0.5.0)
      monkey-lib (~> 0.5.0)
      sinatra (~> 1.0)
      sinatra-sugar (~> 0.5.0)
    sinatra_more (0.3.41)
      activesupport (< 3.0.0)
      builder
      bundler (>= 0.9.2)
      jeweler
      sinatra (>= 0.9.2)
      sinatra_more
      thor (>= 0.11.8)
      tilt (>= 0.2)
      tmail
      warden
      xml-simple
    sinatras-hat (0.1.2)
      extlib
      sinatra
    sketches (0.1.1)
    snmp (1.0.3)
    sqlite3 (1.3.3)
    sqlite3-ruby (1.3.3)
      sqlite3 (>= 1.3.3)
    sys-admin (1.5.4)
    sys-cpu (0.6.3)
    sys-filesystem (0.3.4)
    sys-host (0.6.2)
    sys-uname (0.8.5)
    systemu (1.2.0)
    tabletastic (0.1.3)
    tagz (8.1.0)
    tallakt-geoutm (0.0.3)
    templater (1.0.0)
      diff-lcs (>= 1.1.2)
      extlib (>= 0.9.5)
      highline (>= 1.4.0)
    term-ansicolor (1.0.5)
    text-table (1.2.2)
    thin (1.2.7)
      daemons (>= 1.0.9)
      eventmachine (>= 0.12.6)
      rack (>= 1.0.0)
    thor (0.14.6)
    tilt (1.2.2)
    tmail (1.2.7.1)
    twilson63-nifty-generators (0.3.8)
    unroller (1.0.0)
      colored
      facets (>= 2.4.1)
      quality_extensions (>= 1.1.2)
    uuid (2.3.1)
      macaddr (~> 1.0)
    uuidtools (2.1.2)
    validation_reflection (0.3.6)
    vclog (1.8.1)
      ansi (>= 1.2)
      facets (>= 2.4)
    vlad (2.1.0)
      open4 (~> 0.9.0)
      rake (~> 0.8.0)
      rake-remote_task (~> 2.0)
    warden (1.0.3)
      rack (>= 1.0.0)
    xebec (2.3.0)
    xml-simple (1.0.14)
    yamler (0.1.0)
    yard (0.6.4)
    yard-sinatra (0.5.1)
      yard (~> 0.6.0)

PLATFORMS
  ruby

DEPENDENCIES
  GeoRuby
  RedCloth
  ZenTest
  awesome_print
  big_band
  bluecloth
  chronic
  columnize
  compass
  composite_primary_keys (= 2.3.5.1)
  configatron
  configuration
  crummy (= 0.1.0)
  dnote
  eventmachine
  facets
  faster_xml_simple
  formtastic (= 0.9.8)
  geokit
  guessmethod
  haml
  highline
  hirb
  iniparse
  json_pure
  libxml-ruby
  looksee
  memcache-client
  metric_fu
  mysql
  net-scp
  net-sftp
  net-ssh
  net-ssh-gateway
  net-ssh-multi
  net-ssh-telnet
  notify
  rails (= 2.3.10)
  rails_best_practices
  rake
  require_all
  rest-client
  roodi
  rspec
  rspec-rails
  rubyzip
  shoulda
  sinatra
  sinatra-gen
  sinatra_more
  sinatras-hat
  sketches
  snmp
  sqlite3-ruby
  sys-admin
  sys-cpu
  sys-filesystem
  sys-host
  sys-uname
  systemu
  tabletastic (= 0.1.3)
  tagz
  tallakt-geoutm
  templater
  term-ansicolor
  text-table
  thin (= 1.2.7)
  tilt
  twilson63-nifty-generators (= 0.3.8)
  unroller
  uuid
  uuidtools
  validation_reflection (= 0.3.6)
  vclog
  vlad
  xebec (= 2.3.0)
  xml-simple
